PATH
  remote: .
  specs:
    todo (1.0.0)
      activerecord (~> 5.0.0)
      sqlite3 (~> 1.3.0)

GEM
  remote: https://rubygems.org/
  specs:
    activemodel (5.0.7.2)
      activesupport (= 5.0.7.2)
    activerecord (5.0.7.2)
      activemodel (= 5.0.7.2)
      activesupport (= 5.0.7.2)
      arel (~> 7.0)
    activesupport (5.0.7.2)
      concurrent-ruby (~> 1.0, >= 1.0.2)
      i18n (>= 0.7, < 2)
      minitest (~> 5.1)
      tzinfo (~> 1.1)
    arel (7.1.4)
    concurrent-ruby (1.1.7)
    i18n (1.8.5)
      concurrent-ruby (~> 1.0)
    minitest (5.14.1)
    rake (12.3.3)
    sqlite3 (1.3.13)
    thread_safe (0.3.6)
    tzinfo (1.2.7)
      thread_safe (~> 0.1)
    yard (0.9.25)

PLATFORMS
  ruby

DEPENDENCIES
  bundler (~> 2.1.4)
  minitest (~> 5.0)
  rake (~> 12.0)
  todo!
  yard (~> 0.9)

BUNDLED WITH
   2.1.4
